GEM
  remote: https://rubygems.org/
  specs:
    activemodel (4.2.4)
      activesupport (= 4.2.4)
      builder (~> 3.1)
    activerecord (4.2.4)
      activemodel (= 4.2.4)
      activesupport (= 4.2.4)
      arel (~> 6.0)
    activesupport (4.2.4)
      i18n (~> 0.7)
      json (~> 1.7, >= 1.7.7)
      minitest (~> 5.1)
      thread_safe (~> 0.3, >= 0.3.4)
      tzinfo (~> 1.1)
    arel (6.0.3)
    awesome_print (1.6.1)
    axiom-types (0.1.1)
      descendants_tracker (~> 0.0.4)
      ice_nine (~> 0.11.0)
      thread_safe (~> 0.3, >= 0.3.1)
    builder (3.2.2)
    coercible (1.0.0)
      descendants_tracker (~> 0.0.1)
    colorize (0.7.7)
    database_cleaner (1.5.1)
    descendants_tracker (0.0.4)
      thread_safe (~> 0.3, >= 0.3.1)
    equalizer (0.0.11)
    grape (0.13.0)
      activesupport
      builder
      hashie (>= 2.1.0)
      multi_json (>= 1.3.2)
      multi_xml (>= 0.5.2)
      rack (>= 1.3.0)
      rack-accept
      rack-mount
      virtus (>= 1.0.0)
    grape-activerecord (1.1.1)
      activerecord (~> 4.0)
      grape (~> 0.1)
      hashie-forbidden_attributes (~> 0.1.1)
    hashie (3.4.2)
    hashie-forbidden_attributes (0.1.1)
      hashie (>= 3.0)
    i18n (0.7.0)
    ice_nine (0.11.1)
    json (1.8.3)
    minitest (5.8.1)
    minitest-focus (1.1.2)
      minitest (>= 4, < 6)
    multi_json (1.11.2)
    multi_xml (0.5.5)
    pg (0.18.3)
    rack (1.6.4)
    rack-accept (0.4.5)
      rack (>= 0.4)
    rack-cors (0.4.0)
    rack-mount (0.8.3)
      rack (>= 1.0.0)
    require_all (1.3.2)
    thread_safe (0.3.5)
    tzinfo (1.2.2)
      thread_safe (~> 0.1)
    virtus (1.0.5)
      axiom-types (~> 0.1)
      coercible (~> 1.0)
      descendants_tracker (~> 0.0, >= 0.0.3)
      equalizer (~> 0.0, >= 0.0.9)

PLATFORMS
  ruby

DEPENDENCIES
  activerecord (~> 4.2.3)
  awesome_print
  colorize
  database_cleaner
  grape
  grape-activerecord
  minitest
  minitest-focus
  pg
  rack-cors
  require_all

BUNDLED WITH
   1.10.5
